PATH
  remote: .
  specs:
    gippix (0.0.5)
      nokogiri

GEM
  remote: https://rubygems.org/
  specs:
    mini_portile2 (2.4.0)
    nokogiri (1.10.8)
      mini_portile2 (~> 2.4.0)

PLATFORMS
  ruby

DEPENDENCIES
  gippix!

BUNDLED WITH
   1.17.0
