PATH
  remote: .
  specs:
    gippix (0.0.5)
      nokogiri

GEM
  remote: https://rubygems.org/
  specs:
    mini_portile2 (2.6.1)
    nokogiri (1.12.5)
      mini_portile2 (~> 2.6.1)
      racc (~> 1.4)
    racc (1.5.2)

PLATFORMS
  ruby

DEPENDENCIES
  gippix!

BUNDLED WITH
   1.17.0
