PATH
  remote: .
  specs:
    gippix (0.0.4)
      nokogiri (~> 1.8.2)

GEM
  remote: https://rubygems.org/
  specs:
    mini_portile2 (2.3.0)
    nokogiri (1.8.2)
      mini_portile2 (~> 2.3.0)
    rake (11.2.2)

PLATFORMS
  ruby

DEPENDENCIES
  gippix!
  rake

BUNDLED WITH
   1.16.1
